GEM
  specs:
    letter_avatar (0.3.9)

PLATFORMS
  ruby
  x86_64-linux

DEPENDENCIES
  letter_avatar

BUNDLED WITH
   2.6.7
